GEM
  remote: https://rubygems.org/
  specs:
    byebug (8.2.5)
    coderay (1.1.1)
    diff-lcs (1.2.5)
    dotenv (2.1.1)
    httparty (0.14.0)
      multi_xml (>= 0.5.2)
    loader (3.1.0)
    method_source (0.8.2)
    multi_xml (0.5.5)
    phantomjs (2.1.1.0)
    pry (0.10.4)
      coderay (~> 1.1.0)
      method_source (~> 0.8.1)
      slop (~> 3.4)
    pry-byebug (3.3.0)
      byebug (~> 8.0)
      pry (~> 0.10)
    rack (2.0.1)
    rack-app (5.6.0)
      rack
    rspec (3.5.0)
      rspec-core (~> 3.5.0)
      rspec-expectations (~> 3.5.0)
      rspec-mocks (~> 3.5.0)
    rspec-core (3.5.4)
      rspec-support (~> 3.5.0)
    rspec-expectations (3.5.0)
      diff-lcs (>= 1.2.0, < 2.0)
      rspec-support (~> 3.5.0)
    rspec-mocks (3.5.0)
      diff-lcs (>= 1.2.0, < 2.0)
      rspec-support (~> 3.5.0)
    rspec-support (3.5.0)
    screencap (0.1.4)
      phantomjs
    slop (3.6.0)

PLATFORMS
  ruby

DEPENDENCIES
  dotenv
  httparty
  loader
  pry
  pry-byebug
  rack
  rack-app
  rspec
  screencap

BUNDLED WITH
   1.12.3
